GIT
  remote: https://github.com/asciidoctor/asciidoctor-pdf.git
  revision: 5838922b4d121afacd53821661ef916c5ccf843c
  ref: 5838922b4d121afacd53821661ef916c5ccf843c
  specs:
    asciidoctor-pdf (3.0.0.alpha.0)
      asciidoctor (~> 2.0)
      concurrent-ruby (~> 1.1)
      matrix (~> 0.4)
      prawn (~> 2.4.0)
      prawn-icon (~> 3.1.0)
      prawn-svg (~> 0.36.0)
      prawn-table (~> 0.2.0)
      prawn-templates (~> 0.1.0)
      treetop (~> 1.6.0)

GEM
  remote: https://rubygems.org/
  specs:
    Ascii85 (2.0.1)
    addressable (2.8.7)
      public_suffix (>= 2.0.2, < 7.0)
    afm (0.2.2)
    asciidoctor (2.0.23)
    bigdecimal (3.2.2)
    concurrent-ruby (1.3.5)
    css_parser (1.21.1)
      addressable
    hashery (2.1.2)
    matrix (0.4.3)
    pdf-core (0.9.0)
    pdf-reader (2.14.1)
      Ascii85 (>= 1.0, < 3.0, != 2.0.0)
      afm (~> 0.2.1)
      hashery (~> 2.0)
      ruby-rc4
      ttfunk
    polyglot (0.3.5)
    prawn (2.4.0)
      pdf-core (~> 0.9.0)
      ttfunk (~> 1.7)
    prawn-icon (3.1.0)
      prawn (>= 1.1.0, < 3.0.0)
    prawn-svg (0.36.2)
      css_parser (~> 1.6)
      matrix (~> 0.4.2)
      prawn (>= 0.11.1, < 3)
      rexml (>= 3.3.9, < 4)
    prawn-table (0.2.2)
      prawn (>= 1.3.0, < 3.0.0)
    prawn-templates (0.1.2)
      pdf-reader (~> 2.0)
      prawn (~> 2.2)
    public_suffix (6.0.2)
    rexml (3.4.1)
    rouge (4.5.2)
    ruby-rc4 (0.1.5)
    treetop (1.6.14)
      polyglot (~> 0.3)
    ttfunk (1.8.0)
      bigdecimal (~> 3.1)

PLATFORMS
  arm64-darwin-24

DEPENDENCIES
  asciidoctor-pdf!
  rouge

BUNDLED WITH
   2.4.10
